GEM
  remote: https://rubygems.org/
  specs:
    diff-lcs (1.2.5)
    gemoji (1.4.0)
    rspec (3.1.0)
      rspec-core (~> 3.1.0)
      rspec-expectations (~> 3.1.0)
      rspec-mocks (~> 3.1.0)
    rspec-core (3.1.1)
      rspec-support (~> 3.1.0)
    rspec-expectations (3.1.0)
      diff-lcs (>= 1.2.0, < 2.0)
      rspec-support (~> 3.1.0)
    rspec-mocks (3.1.0)
      rspec-support (~> 3.1.0)
    rspec-support (3.1.0)
    rugged (0.21.0)

PLATFORMS
  ruby

DEPENDENCIES
  gemoji (= 1.4.0)
  rspec
  rugged
